GIT
  remote: https://github.com/hashicorp/vagrant.git
  revision: 9df95a200280219ae5899db6eaa2e0eff4ad1a8e
  specs:
    vagrant (2.4.2.dev)
      base64 (~> 0.2.0)
      bcrypt_pbkdf (~> 1.1)
      childprocess (~> 4.1.0)
      ed25519 (~> 1.3.0)
      erubi
      googleapis-common-protos-types (~> 1.3)
      grpc (~> 1.62)
      hashicorp-checkpoint (~> 0.1.5)
      i18n (~> 1.12)
      ipaddr (>= 1.2.4)
      listen (~> 3.7)
      log4r (~> 1.1.9, < 1.1.11)
      mime-types (~> 3.3)
      net-ftp (~> 0.2)
      net-scp (~> 4.0)
      net-sftp (~> 4.0)
      net-ssh (~> 7.0)
      rb-kqueue (~> 0.2.0)
      rexml (~> 3.2)
      rgl (~> 0.5.10)
      rubyzip (~> 2.3.2)
      vagrant_cloud (~> 3.1.1)
      wdm (~> 0.1.1)
      winrm (>= 2.3.6, < 3.0)
      winrm-elevated (>= 1.2.3, < 2.0)
      winrm-fs (>= 1.3.5, < 2.0)

PATH
  remote: .
  specs:
    vagrant-bindfs (1.3.0)

GEM
  remote: https://rubygems.org/
  specs:
    ast (2.4.2)
    base64 (0.2.0)
    bcrypt_pbkdf (1.1.1)
    bigdecimal (3.1.8)
    builder (3.3.0)
    childprocess (4.1.0)
    concurrent-ruby (1.3.4)
    date (3.3.4)
    diff-lcs (1.5.1)
    ed25519 (1.3.0)
    erubi (1.13.0)
    excon (0.111.0)
    ffi (1.17.0)
    google-protobuf (4.27.3)
      bigdecimal
      rake (>= 13)
    googleapis-common-protos-types (1.15.0)
      google-protobuf (>= 3.18, < 5.a)
    grpc (1.65.2)
      google-protobuf (>= 3.25, < 5.0)
      googleapis-common-protos-types (~> 1.0)
    gssapi (1.3.1)
      ffi (>= 1.0.1)
    gyoku (1.4.0)
      builder (>= 2.1.2)
      rexml (~> 3.0)
    hashicorp-checkpoint (0.1.5)
    httpclient (2.8.3)
    i18n (1.14.5)
      concurrent-ruby (~> 1.0)
    ipaddr (1.2.6)
    json (2.7.2)
    language_server-protocol (3.17.0.3)
    listen (3.9.0)
      rb-fsevent (~> 0.10, >= 0.10.3)
      rb-inotify (~> 0.9, >= 0.9.10)
    little-plugger (1.1.4)
    log4r (1.1.10)
    logging (2.4.0)
      little-plugger (~> 1.1)
      multi_json (~> 1.14)
    mime-types (3.5.2)
      mime-types-data (~> 3.2015)
    mime-types-data (3.2024.0820)
    multi_json (1.15.0)
    net-ftp (0.3.7)
      net-protocol
      time
    net-protocol (0.2.2)
      timeout
    net-scp (4.0.0)
      net-ssh (>= 2.6.5, < 8.0.0)
    net-sftp (4.0.0)
      net-ssh (>= 5.0.0, < 8.0.0)
    net-ssh (7.2.3)
    nori (2.7.1)
      bigdecimal
    pairing_heap (3.1.0)
    parallel (1.26.3)
    parser (3.3.4.2)
      ast (~> 2.4.1)
      racc
    racc (1.8.1)
    rainbow (3.1.1)
    rake (13.2.1)
    rb-fsevent (0.11.2)
    rb-inotify (0.11.1)
      ffi (~> 1.0)
    rb-kqueue (0.2.8)
      ffi (>= 0.5.0)
    regexp_parser (2.9.2)
    rexml (3.2.9)
      strscan
    rgl (0.5.10)
      pairing_heap (>= 0.3.0)
      rexml (~> 3.2, >= 3.2.4)
      stream (~> 0.5.3)
    rspec (3.13.0)
      rspec-core (~> 3.13.0)
      rspec-expectations (~> 3.13.0)
      rspec-mocks (~> 3.13.0)
    rspec-core (3.13.0)
      rspec-support (~> 3.13.0)
    rspec-expectations (3.13.2)
      diff-lcs (>= 1.2.0, < 2.0)
      rspec-support (~> 3.13.0)
    rspec-mocks (3.13.1)
      diff-lcs (>= 1.2.0, < 2.0)
      rspec-support (~> 3.13.0)
    rspec-support (3.13.1)
    rubocop (1.65.1)
      json (~> 2.3)
      language_server-protocol (>= 3.17.0)
      parallel (~> 1.10)
      parser (>= 3.3.0.2)
      rainbow (>= 2.2.2, < 4.0)
      regexp_parser (>= 2.4, < 3.0)
      rexml (>= 3.2.5, < 4.0)
      rubocop-ast (>= 1.31.1, < 2.0)
      ruby-progressbar (~> 1.7)
      unicode-display_width (>= 2.4.0, < 3.0)
    rubocop-ast (1.32.1)
      parser (>= 3.3.1.0)
    rubocop-performance (1.21.1)
      rubocop (>= 1.48.1, < 2.0)
      rubocop-ast (>= 1.31.1, < 2.0)
    rubocop-rake (0.6.0)
      rubocop (~> 1.0)
    rubocop-rspec (3.0.4)
      rubocop (~> 1.61)
    ruby-progressbar (1.13.0)
    rubyntlm (0.6.5)
      base64
    rubyzip (2.3.2)
    stream (0.5.5)
    strscan (3.1.0)
    time (0.3.0)
      date
    timeout (0.4.1)
    unicode-display_width (2.5.0)
    vagrant_cloud (3.1.1)
      excon (~> 0.73)
      log4r (~> 1.1.10)
      rexml (~> 3.2.5)
    wdm (0.1.1)
    winrm (2.3.9)
      builder (>= 2.1.2)
      erubi (~> 1.8)
      gssapi (~> 1.2)
      gyoku (~> 1.0)
      httpclient (~> 2.2, >= 2.2.0.2)
      logging (>= 1.6.1, < 3.0)
      nori (~> 2.0, >= 2.7.1)
      rexml (~> 3.0)
      rubyntlm (~> 0.6.0, >= 0.6.3)
    winrm-elevated (1.2.3)
      erubi (~> 1.8)
      winrm (~> 2.0)
      winrm-fs (~> 1.0)
    winrm-fs (1.3.5)
      erubi (~> 1.8)
      logging (>= 1.6.1, < 3.0)
      rubyzip (~> 2.0)
      winrm (~> 2.0)

PLATFORMS
  ruby

DEPENDENCIES
  rake
  rspec (~> 3.13.0)
  rubocop
  rubocop-performance
  rubocop-rake
  rubocop-rspec
  vagrant!
  vagrant-bindfs!

BUNDLED WITH
   2.3.19
